GEM
  remote: https://rubygems.org/
  specs:
    ffi (1.9.17)
    jekyll-watch (1.5.0)
      listen (~> 3.0, < 3.1)
    kramdown (1.13.2)
    listen (3.0.8)
      rb-fsevent (~> 0.9, >= 0.9.4)
      rb-inotify (~> 0.9, >= 0.9.7)
    rb-fsevent (0.9.8)
    rb-inotify (0.9.7)
      ffi (>= 0.5.0)

PLATFORMS
  ruby

DEPENDENCIES
  jekyll-watch (~> 1.5)
  kramdown (~> 1.13)

BUNDLED WITH
   1.13.7
